PATH
  remote: .
  specs:
    mytotp (0.1.0)
      cli-ui (~> 1.5)
      clipboard (~> 1.3)
      dry-cli (~> 0.7.0)
      rotp (~> 6.2)
      sequel (~> 5.56)
      sqlite3 (~> 1.4, >= 1.4.2)
      zeitwerk (~> 2.5, >= 2.5.4)

GEM
  remote: https://rubygems.org/
  specs:
    ast (2.4.2)
    cli-ui (1.5.1)
    clipboard (1.3.6)
    dry-cli (0.7.0)
    minitest (5.15.0)
    parallel (1.22.1)
    parser (3.1.2.0)
      ast (~> 2.4.1)
    rainbow (3.1.1)
    rake (13.0.6)
    regexp_parser (2.3.1)
    rexml (3.2.5)
    rotp (6.2.0)
    rubocop (1.28.2)
      parallel (~> 1.10)
      parser (>= 3.1.0.0)
      rainbow (>= 2.2.2, < 4.0)
      regexp_parser (>= 1.8, < 3.0)
      rexml
      rubocop-ast (>= 1.17.0, < 2.0)
      ruby-progressbar (~> 1.7)
      unicode-display_width (>= 1.4.0, < 3.0)
    rubocop-ast (1.17.0)
      parser (>= 3.1.1.0)
    rubocop-minitest (0.19.1)
      rubocop (>= 0.90, < 2.0)
    ruby-progressbar (1.11.0)
    sequel (5.56.0)
    sqlite3 (1.4.2)
    unicode-display_width (2.1.0)
    zeitwerk (2.5.4)

PLATFORMS
  x86_64-linux

DEPENDENCIES
  ffi
  minitest (~> 5.0)
  mytotp!
  rake (~> 13.0)
  rubocop (~> 1.21)
  rubocop-minitest

BUNDLED WITH
   2.3.12
